FRAMEWORK: >= NET452
NUGET
  remote: https://www.nuget.org/api/v2
    BenchmarkDotNet (0.9.9)
      BenchmarkDotNet.Toolchains.Roslyn (>= 0.9.9)
    BenchmarkDotNet.Core (0.9.9)
      System.Threading.Tasks.Extensions (>= 4.0)
    BenchmarkDotNet.Diagnostics.Windows (0.9.9)
      BenchmarkDotNet (>= 0.9.9)
      Microsoft.Diagnostics.Tracing.TraceEvent (>= 1.0.41)
    BenchmarkDotNet.Toolchains.Roslyn (0.9.9)
      BenchmarkDotNet.Core (>= 0.9.9)
      Microsoft.CodeAnalysis.CSharp (>= 1.3.2)
      System.Threading.Tasks (>= 4.0)
    FParsec (1.0.2)
    FSharp.Core (4.0.0.1)
    Imms (0.7)
    Imms.FSharp (0.7)
      FSharp.Core (>= 4.0.0.1)
      Imms (>= 0.7)
    Microsoft.CodeAnalysis.Analyzers (1.1)
    Microsoft.CodeAnalysis.Common (1.3.2)
      Microsoft.CodeAnalysis.Analyzers (>= 1.1) - framework: >= net46
      System.AppContext (>= 4.1) - framework: >= net46
      System.Collections (>= 4.0.11) - framework: >= net46
      System.Collections.Concurrent (>= 4.0.12) - framework: >= net46
      System.Collections.Immutable (>= 1.2) - framework: >= net46
      System.Console (>= 4.0) - framework: >= net46
      System.Diagnostics.Debug (>= 4.0.11) - framework: >= net46
      System.Diagnostics.FileVersionInfo (>= 4.0) - framework: >= net46
      System.Diagnostics.StackTrace (>= 4.0.1) - framework: >= net46
      System.Diagnostics.Tools (>= 4.0.1) - framework: >= net46
      System.Dynamic.Runtime (>= 4.0.11) - framework: >= net46
      System.Globalization (>= 4.0.11) - framework: >= net46
      System.IO.FileSystem (>= 4.0.1) - framework: >= net46
      System.IO.FileSystem.Primitives (>= 4.0.1) - framework: >= net46
      System.Linq (>= 4.1) - framework: >= net46
      System.Linq.Expressions (>= 4.1) - framework: >= net46
      System.Reflection (>= 4.1) - framework: >= net46
      System.Reflection.Metadata (>= 1.3) - framework: >= net46
      System.Reflection.Primitives (>= 4.0.1) - framework: >= net46
      System.Resources.ResourceManager (>= 4.0.1) - framework: >= net46
      System.Runtime (>= 4.1) - framework: >= net46
      System.Runtime.Extensions (>= 4.1) - framework: >= net46
      System.Runtime.Handles (>= 4.0.1) - framework: >= net46
      System.Runtime.InteropServices (>= 4.1) - framework: >= net46
      System.Runtime.Numerics (>= 4.0.1) - framework: >= net46
      System.Security.Cryptography.Algorithms (>= 4.2) - framework: >= net46
      System.Security.Cryptography.Encoding (>= 4.0) - framework: >= net46
      System.Security.Cryptography.X509Certificates (>= 4.1) - framework: >= net46
      System.Text.Encoding (>= 4.0.11) - framework: >= net46
      System.Text.Encoding.CodePages (>= 4.0.1) - framework: >= net46
      System.Text.Encoding.Extensions (>= 4.0.11) - framework: >= net46
      System.Threading (>= 4.0.11) - framework: >= net46
      System.Threading.Tasks (>= 4.0.11) - framework: >= net46
      System.Threading.Tasks.Parallel (>= 4.0.1) - framework: >= net46
      System.Threading.Thread (>= 4.0) - framework: >= net46
      System.Xml.ReaderWriter (>= 4.0.11) - framework: >= net46
      System.Xml.XDocument (>= 4.0.11) - framework: >= net46
      System.Xml.XmlDocument (>= 4.0.1) - framework: >= net46
      System.Xml.XPath.XDocument (>= 4.0.1) - framework: >= net46
    Microsoft.CodeAnalysis.CSharp (1.3.2)
      Microsoft.CodeAnalysis.Common (1.3.2)
    Microsoft.Diagnostics.Tracing.TraceEvent (1.0.41)
    Microsoft.NETCore.Platforms (1.0.1)
    Microsoft.NETCore.Targets (1.0.1)
    Prime (1.7.6.3)
      FParsec (>= 1.0.1)
      xunit (>= 2.1)
    runtime.native.System.Security.Cryptography (4.0) - framework: >= net46
      Microsoft.NETCore.Platforms (>= 1.0.1)
      Microsoft.NETCore.Targets (>= 1.0.1)
    System.AppContext (4.1) - framework: >= net46
      System.Runtime (>= 4.1) - framework: net46, >= net463
    System.Collections (4.0.11)
      Microsoft.NETCore.Platforms (>= 1.0.1) - framework: >= net46
      Microsoft.NETCore.Targets (>= 1.0.1) - framework: >= net46
      System.Runtime (>= 4.1) - framework: >= net46
    System.Collections.Concurrent (4.0.12) - framework: >= net46
      System.Collections (>= 4.0.11) - framework: >= net46
      System.Diagnostics.Debug (>= 4.0.11) - framework: >= net46
      System.Diagnostics.Tracing (>= 4.1) - framework: >= net46
      System.Globalization (>= 4.0.11) - framework: >= net46
      System.Reflection (>= 4.1) - framework: >= net46
      System.Resources.ResourceManager (>= 4.0.1) - framework: >= net46
      System.Runtime (>= 4.1) - framework: >= net46
      System.Runtime.Extensions (>= 4.1) - framework: >= net46
      System.Threading (>= 4.0.11) - framework: >= net46
      System.Threading.Tasks (>= 4.0.11) - framework: >= net46
    System.Collections.Immutable (1.2)
    System.Console (4.0) - framework: >= net46
      Microsoft.NETCore.Platforms (>= 1.0.1) - framework: >= net46
      Microsoft.NETCore.Targets (>= 1.0.1) - framework: >= net46
      System.IO (>= 4.1) - framework: >= net46
      System.Runtime (>= 4.1) - framework: >= net46
      System.Text.Encoding (>= 4.0.11) - framework: >= net46
    System.Diagnostics.Debug (4.0.11)
      Microsoft.NETCore.Platforms (>= 1.0.1) - framework: >= net46
      Microsoft.NETCore.Targets (>= 1.0.1) - framework: >= net46
      System.Runtime (>= 4.1) - framework: >= net46
    System.Diagnostics.FileVersionInfo (4.0) - framework: >= net46
      Microsoft.NETCore.Platforms (>= 1.0.1) - framework: >= net46
      System.Globalization (>= 4.0.11) - framework: >= net46
      System.IO (>= 4.1) - framework: >= net46
      System.IO.FileSystem (>= 4.0.1) - framework: >= net46
      System.IO.FileSystem.Primitives (>= 4.0.1) - framework: >= net46
      System.Reflection.Metadata (>= 1.3) - framework: >= net46
      System.Runtime (>= 4.1) - framework: >= net46
      System.Runtime.Extensions (>= 4.1) - framework: >= net46
      System.Runtime.InteropServices (>= 4.1) - framework: >= net46
    System.Diagnostics.StackTrace (4.0.1) - framework: >= net46
      System.Collections.Immutable (>= 1.2) - framework: >= net46
      System.IO.FileSystem (>= 4.0.1) - framework: >= net46
      System.Reflection (>= 4.1) - framework: >= net46
      System.Reflection.Metadata (>= 1.3) - framework: >= net46
      System.Runtime (>= 4.1) - framework: >= net46
      System.Runtime.Extensions (>= 4.1) - framework: >= net46
    System.Diagnostics.Tools (4.0.1)
    System.Diagnostics.Tracing (4.1)
      Microsoft.NETCore.Platforms (>= 1.0.1) - framework: net452, net453, net46, >= net462
      Microsoft.NETCore.Targets (>= 1.0.1) - framework: net452, net453, net46, >= net462
      System.Runtime (>= 4.1) - framework: net452, net453, net46, >= net462
    System.Dynamic.Runtime (4.0.11) - framework: >= net46
      System.Collections (>= 4.0.11) - framework: >= net46
      System.Diagnostics.Debug (>= 4.0.11) - framework: >= net46
      System.Globalization (>= 4.0.11) - framework: >= net46
      System.Linq (>= 4.1) - framework: >= net46
      System.Linq.Expressions (>= 4.1) - framework: >= net46
      System.ObjectModel (>= 4.0.12) - framework: >= net46
      System.Reflection (>= 4.1) - framework: >= net46
      System.Reflection.Emit (>= 4.0.1) - framework: >= net46
      System.Reflection.Emit.ILGeneration (>= 4.0.1) - framework: >= net46
      System.Reflection.Primitives (>= 4.0.1) - framework: >= net46
      System.Reflection.TypeExtensions (>= 4.1) - framework: >= net46
      System.Resources.ResourceManager (>= 4.0.1) - framework: >= net46
      System.Runtime (>= 4.1) - framework: >= net46
      System.Runtime.Extensions (>= 4.1) - framework: >= net46
      System.Threading (>= 4.0.11) - framework: >= net46
    System.Globalization (4.0.11)
      Microsoft.NETCore.Platforms (>= 1.0.1) - framework: >= net46
      Microsoft.NETCore.Targets (>= 1.0.1) - framework: >= net46
      System.Runtime (>= 4.1) - framework: >= net46
    System.IO (4.1)
      Microsoft.NETCore.Platforms (>= 1.0.1) - framework: net46, >= net462
      Microsoft.NETCore.Targets (>= 1.0.1) - framework: net46, >= net462
      System.Runtime (>= 4.1) - framework: net46, >= net462
      System.Text.Encoding (>= 4.0.11) - framework: net46, >= net462
      System.Threading.Tasks (>= 4.0.11) - framework: net46, >= net462
    System.IO.FileSystem (4.0.1)
      System.IO.FileSystem.Primitives (>= 4.0.1) - framework: >= net46
    System.IO.FileSystem.Primitives (4.0.1)
      System.Runtime (>= 4.1) - framework: >= net46
    System.Linq (4.1)
      System.Collections (>= 4.0.11) - framework: >= net463
      System.Diagnostics.Debug (>= 4.0.11) - framework: >= net463
      System.Resources.ResourceManager (>= 4.0.1) - framework: >= net463
      System.Runtime (>= 4.1) - framework: >= net463
      System.Runtime.Extensions (>= 4.1) - framework: >= net463
    System.Linq.Expressions (4.1) - framework: >= net46
      System.Collections (>= 4.0.11) - framework: >= net463
      System.Diagnostics.Debug (>= 4.0.11) - framework: >= net463
      System.Globalization (>= 4.0.11) - framework: >= net463
      System.IO (>= 4.1) - framework: >= net463
      System.Linq (>= 4.1) - framework: >= net463
      System.ObjectModel (>= 4.0.12) - framework: >= net463
      System.Reflection (>= 4.1) - framework: net46, >= net463
      System.Reflection.Emit (>= 4.0.1) - framework: >= net463
      System.Reflection.Emit.ILGeneration (>= 4.0.1) - framework: >= net463
      System.Reflection.Emit.Lightweight (>= 4.0.1) - framework: >= net463
      System.Reflection.Extensions (>= 4.0.1) - framework: >= net463
      System.Reflection.Primitives (>= 4.0.1) - framework: >= net463
      System.Reflection.TypeExtensions (>= 4.1) - framework: >= net463
      System.Resources.ResourceManager (>= 4.0.1) - framework: >= net463
      System.Runtime (>= 4.1) - framework: net46, >= net463
      System.Runtime.Extensions (>= 4.1) - framework: >= net463
      System.Threading (>= 4.0.11) - framework: >= net463
    System.ObjectModel (4.0.12)
      System.Collections (>= 4.0.11) - framework: >= net46
      System.Diagnostics.Debug (>= 4.0.11) - framework: >= net46
      System.Resources.ResourceManager (>= 4.0.1) - framework: >= net46
      System.Runtime (>= 4.1) - framework: >= net46
      System.Threading (>= 4.0.11) - framework: >= net46
    System.Reflection (4.1)
      Microsoft.NETCore.Platforms (>= 1.0.1) - framework: net46, >= net462
      Microsoft.NETCore.Targets (>= 1.0.1) - framework: net46, >= net462
      System.IO (>= 4.1) - framework: net46, >= net462
      System.Reflection.Primitives (>= 4.0.1) - framework: net46, >= net462
      System.Runtime (>= 4.1) - framework: net46, >= net462
    System.Reflection.Emit (4.0.1)
      System.IO (>= 4.1)
      System.Reflection (>= 4.1)
      System.Reflection.Emit.ILGeneration (>= 4.0.1)
      System.Reflection.Primitives (>= 4.0.1)
      System.Runtime (>= 4.1)
    System.Reflection.Emit.ILGeneration (4.0.1)
    System.Reflection.Emit.Lightweight (4.0.1) - framework: >= net463
    System.Reflection.Extensions (4.0.1) - framework: >= net463
    System.Reflection.Metadata (1.3)
      System.Collections.Immutable (>= 1.2)
    System.Reflection.Primitives (4.0.1)
    System.Reflection.TypeExtensions (4.1)
      System.Reflection (>= 4.1) - framework: >= net462
    System.Resources.ResourceManager (4.0.1)
    System.Runtime (4.1)
      Microsoft.NETCore.Platforms (>= 1.0.1) - framework: net452, net453, net46, >= net462
      Microsoft.NETCore.Targets (>= 1.0.1) - framework: net452, net453, net46, >= net462
    System.Runtime.Extensions (4.1)
      Microsoft.NETCore.Platforms (>= 1.0.1) - framework: net46, >= net462
      Microsoft.NETCore.Targets (>= 1.0.1) - framework: net46, >= net462
      System.Runtime (>= 4.1) - framework: net46, >= net462
    System.Runtime.Handles (4.0.1) - framework: >= net46
      Microsoft.NETCore.Platforms (>= 1.0.1) - framework: >= net46
      Microsoft.NETCore.Targets (>= 1.0.1) - framework: >= net46
      System.Runtime (>= 4.1) - framework: >= net46
    System.Runtime.InteropServices (4.1) - framework: >= net46
      System.Runtime (>= 4.1) - framework: >= net462
    System.Runtime.Numerics (4.0.1) - framework: >= net46
      System.Globalization (>= 4.0.11) - framework: >= net46
      System.Resources.ResourceManager (>= 4.0.1) - framework: >= net46
      System.Runtime (>= 4.1) - framework: >= net46
      System.Runtime.Extensions (>= 4.1) - framework: >= net46
    System.Security.Cryptography.Algorithms (4.2) - framework: >= net46
      System.IO (>= 4.1) - framework: >= net463
      System.Runtime (>= 4.1) - framework: >= net463
      System.Security.Cryptography.Encoding (>= 4.0) - framework: >= net463
      System.Security.Cryptography.Primitives (>= 4.0) - framework: net46, net461, >= net463
    System.Security.Cryptography.Encoding (4.0)
      Microsoft.NETCore.Platforms (>= 1.0.1) - framework: >= net46
      runtime.native.System.Security.Cryptography (>= 4.0) - framework: >= net46
      System.Collections (>= 4.0.11) - framework: >= net46
      System.Collections.Concurrent (>= 4.0.12) - framework: >= net46
      System.Linq (>= 4.1) - framework: >= net46
      System.Resources.ResourceManager (>= 4.0.1) - framework: >= net46
      System.Runtime (>= 4.1) - framework: >= net46
      System.Runtime.Extensions (>= 4.1) - framework: >= net46
      System.Runtime.Handles (>= 4.0.1) - framework: >= net46
      System.Runtime.InteropServices (>= 4.1) - framework: >= net46
      System.Security.Cryptography.Primitives (>= 4.0) - framework: >= net46
      System.Text.Encoding (>= 4.0.11) - framework: >= net46
    System.Security.Cryptography.Primitives (4.0)
      System.Diagnostics.Debug (>= 4.0.11) - framework: >= net46
      System.Globalization (>= 4.0.11) - framework: >= net46
      System.IO (>= 4.1) - framework: >= net46
      System.Resources.ResourceManager (>= 4.0.1) - framework: >= net46
      System.Runtime (>= 4.1) - framework: >= net46
      System.Threading (>= 4.0.11) - framework: >= net46
      System.Threading.Tasks (>= 4.0.11) - framework: >= net46
    System.Security.Cryptography.X509Certificates (4.1) - framework: >= net46
      System.Security.Cryptography.Algorithms (>= 4.2) - framework: >= net46
      System.Security.Cryptography.Encoding (>= 4.0) - framework: >= net46
    System.Text.Encoding (4.0.11)
      Microsoft.NETCore.Platforms (>= 1.0.1) - framework: >= net46
      Microsoft.NETCore.Targets (>= 1.0.1) - framework: >= net46
      System.Runtime (>= 4.1) - framework: >= net46
    System.Text.Encoding.CodePages (4.0.1) - framework: >= net46
      Microsoft.NETCore.Platforms (>= 1.0.1) - framework: >= net46
      System.Collections (>= 4.0.11) - framework: >= net46
      System.Globalization (>= 4.0.11) - framework: >= net46
      System.IO (>= 4.1) - framework: >= net46
      System.Reflection (>= 4.1) - framework: >= net46
      System.Resources.ResourceManager (>= 4.0.1) - framework: >= net46
      System.Runtime (>= 4.1) - framework: >= net46
      System.Runtime.Extensions (>= 4.1) - framework: >= net46
      System.Runtime.Handles (>= 4.0.1) - framework: >= net46
      System.Runtime.InteropServices (>= 4.1) - framework: >= net46
      System.Text.Encoding (>= 4.0.11) - framework: >= net46
      System.Threading (>= 4.0.11) - framework: >= net46
    System.Text.Encoding.Extensions (4.0.11) - framework: >= net46
      Microsoft.NETCore.Platforms (>= 1.0.1) - framework: >= net46
      Microsoft.NETCore.Targets (>= 1.0.1) - framework: >= net46
      System.Runtime (>= 4.1) - framework: >= net46
      System.Text.Encoding (>= 4.0.11) - framework: >= net46
    System.Text.RegularExpressions (4.1) - framework: >= net46
      System.Collections (>= 4.0.11) - framework: >= net463
      System.Globalization (>= 4.0.11) - framework: >= net463
      System.Resources.ResourceManager (>= 4.0.1) - framework: >= net463
      System.Runtime (>= 4.1) - framework: net46, >= net463
      System.Runtime.Extensions (>= 4.1) - framework: >= net463
      System.Threading (>= 4.0.11) - framework: >= net463
    System.Threading (4.0.11)
      System.Runtime (>= 4.1) - framework: >= net46
      System.Threading.Tasks (>= 4.0.11) - framework: >= net46
    System.Threading.Tasks (4.0.11)
      Microsoft.NETCore.Platforms (>= 1.0.1) - framework: >= net46
      Microsoft.NETCore.Targets (>= 1.0.1) - framework: >= net46
      System.Runtime (>= 4.1) - framework: >= net46
    System.Threading.Tasks.Extensions (4.0)
    System.Threading.Tasks.Parallel (4.0.1) - framework: >= net46
      System.Collections.Concurrent (>= 4.0.12) - framework: >= net46
      System.Diagnostics.Debug (>= 4.0.11) - framework: >= net46
      System.Diagnostics.Tracing (>= 4.1) - framework: >= net46
      System.Resources.ResourceManager (>= 4.0.1) - framework: >= net46
      System.Runtime (>= 4.1) - framework: >= net46
      System.Runtime.Extensions (>= 4.1) - framework: >= net46
      System.Threading (>= 4.0.11) - framework: >= net46
      System.Threading.Tasks (>= 4.0.11) - framework: >= net46
    System.Threading.Thread (4.0) - framework: >= net46
      System.Runtime (>= 4.1) - framework: >= net46
    System.Xml.ReaderWriter (4.0.11) - framework: >= net46
      System.Collections (>= 4.0.11) - framework: >= net46
      System.Diagnostics.Debug (>= 4.0.11) - framework: >= net46
      System.Globalization (>= 4.0.11) - framework: >= net46
      System.IO (>= 4.1) - framework: >= net46
      System.IO.FileSystem (>= 4.0.1) - framework: >= net46
      System.IO.FileSystem.Primitives (>= 4.0.1) - framework: >= net46
      System.Resources.ResourceManager (>= 4.0.1) - framework: >= net46
      System.Runtime (>= 4.1) - framework: >= net46
      System.Runtime.Extensions (>= 4.1) - framework: >= net46
      System.Runtime.InteropServices (>= 4.1) - framework: >= net46
      System.Text.Encoding (>= 4.0.11) - framework: >= net46
      System.Text.Encoding.Extensions (>= 4.0.11) - framework: >= net46
      System.Text.RegularExpressions (>= 4.1) - framework: >= net46
      System.Threading.Tasks (>= 4.0.11) - framework: >= net46
      System.Threading.Tasks.Extensions (>= 4.0) - framework: >= net46
    System.Xml.XDocument (4.0.11) - framework: >= net46
      System.Collections (>= 4.0.11) - framework: >= net46
      System.Diagnostics.Debug (>= 4.0.11) - framework: >= net46
      System.Diagnostics.Tools (>= 4.0.1) - framework: >= net46
      System.Globalization (>= 4.0.11) - framework: >= net46
      System.IO (>= 4.1) - framework: >= net46
      System.Reflection (>= 4.1) - framework: >= net46
      System.Resources.ResourceManager (>= 4.0.1) - framework: >= net46
      System.Runtime (>= 4.1) - framework: >= net46
      System.Runtime.Extensions (>= 4.1) - framework: >= net46
      System.Text.Encoding (>= 4.0.11) - framework: >= net46
      System.Threading (>= 4.0.11) - framework: >= net46
      System.Xml.ReaderWriter (>= 4.0.11) - framework: >= net46
    System.Xml.XmlDocument (4.0.1) - framework: >= net46
      System.Collections (>= 4.0.11) - framework: >= net46
      System.Diagnostics.Debug (>= 4.0.11) - framework: >= net46
      System.Globalization (>= 4.0.11) - framework: >= net46
      System.IO (>= 4.1) - framework: >= net46
      System.Resources.ResourceManager (>= 4.0.1) - framework: >= net46
      System.Runtime (>= 4.1) - framework: >= net46
      System.Runtime.Extensions (>= 4.1) - framework: >= net46
      System.Text.Encoding (>= 4.0.11) - framework: >= net46
      System.Threading (>= 4.0.11) - framework: >= net46
      System.Xml.ReaderWriter (>= 4.0.11) - framework: >= net46
    System.Xml.XPath (4.0.1) - framework: >= net46
      System.Collections (>= 4.0.11) - framework: >= net46
      System.Diagnostics.Debug (>= 4.0.11) - framework: >= net46
      System.Globalization (>= 4.0.11) - framework: >= net46
      System.IO (>= 4.1) - framework: >= net46
      System.Resources.ResourceManager (>= 4.0.1) - framework: >= net46
      System.Runtime (>= 4.1) - framework: >= net46
      System.Runtime.Extensions (>= 4.1) - framework: >= net46
      System.Threading (>= 4.0.11) - framework: >= net46
      System.Xml.ReaderWriter (>= 4.0.11) - framework: >= net46
    System.Xml.XPath.XDocument (4.0.1) - framework: >= net46
      System.Xml.XPath (>= 4.0.1) - framework: >= net46
    xunit (2.1)
      xunit.assert (2.1)
      xunit.core (2.1)
    xunit.abstractions (2.0)
    xunit.assert (2.1)
    xunit.core (2.1)
      xunit.extensibility.core (2.1)
      xunit.extensibility.execution (2.1)
    xunit.extensibility.core (2.1)
      xunit.abstractions (2.0)
    xunit.extensibility.execution (2.1)
      xunit.extensibility.core (2.1)
